GEM
  remote: http://rubygems.org/
  specs:
    activemodel (3.0.9)
      activesupport (= 3.0.9)
      builder (~> 2.1.2)
      i18n (~> 0.5.0)
    activerecord (3.0.9)
      activemodel (= 3.0.9)
      activesupport (= 3.0.9)
      arel (~> 2.0.10)
      tzinfo (~> 0.3.23)
    activesupport (3.0.9)
    addressable (2.2.6)
    arel (2.0.10)
    builder (2.1.2)
    database_cleaner (0.6.7)
    diff-lcs (1.1.3)
    excon (0.16.3)
    faraday (0.7.6)
      addressable (~> 2.2)
      multipart-post (~> 1.1)
      rack (~> 1.1)
    faraday_middleware (0.7.0)
      faraday (~> 0.7.3)
    hashie (1.1.0)
    heroku (2.32.4)
      heroku-api (~> 0.3.5)
      launchy (>= 0.3.2)
      netrc (~> 0.7.7)
      rest-client (~> 1.6.1)
      rubyzip
    heroku-api (0.3.5)
      excon (~> 0.16.1)
    i18n (0.5.0)
    json (1.7.5)
    kgio (2.6.0)
    launchy (2.1.0)
      addressable (~> 2.2.6)
    mime-types (1.16)
    multi_json (1.0.3)
    multi_xml (0.4.4)
    multipart-post (1.2.0)
    netrc (0.7.7)
    oauth (0.4.7)
    pg (0.11.0)
    rack (1.3.5)
    rack-flash (0.1.2)
      rack
    rack-test (0.6.1)
      rack (>= 1.0)
    raindrops (0.8.0)
    rake (0.9.2)
    redis (3.0.1)
    rest-client (1.6.7)
      mime-types (>= 1.16)
    rspec (2.6.0)
      rspec-core (~> 2.6.0)
      rspec-expectations (~> 2.6.0)
      rspec-mocks (~> 2.6.0)
    rspec-core (2.6.4)
    rspec-expectations (2.6.0)
      diff-lcs (~> 1.1.2)
    rspec-mocks (2.6.0)
    rubyzip (0.9.9)
    simple_oauth (0.1.9)
    simplecov (0.5.3)
      multi_json (~> 1.0.3)
      simplecov-html (~> 0.5.3)
    simplecov-html (0.5.3)
    sinatra (1.2.6)
      rack (~> 1.1)
      tilt (>= 1.2.2, < 2.0)
    sinatra-activerecord (0.1.3)
      sinatra (>= 0.9.4)
    tilt (1.3.3)
    twitter (1.7.2)
      faraday (~> 0.7.4)
      faraday_middleware (~> 0.7.0)
      hashie (~> 1.1.0)
      multi_json (~> 1.0.0)
      multi_xml (~> 0.4.0)
      simple_oauth (~> 0.1.5)
    twitter_oauth (0.4.4)
      json (>= 1.1.9)
      mime-types (>= 1.16)
      oauth (>= 0.4.1)
    tzinfo (0.3.30)
    unicorn (4.0.1)
      kgio (~> 2.4)
      rack
      raindrops (~> 0.6)
    yajl-ruby (0.8.2)

PLATFORMS
  ruby

DEPENDENCIES
  activerecord (= 3.0.9)
  activesupport (= 3.0.9)
  database_cleaner (= 0.6.7)
  faraday_middleware (= 0.7.0)
  heroku (= 2.32.4)
  pg (= 0.11.0)
  rack-flash (= 0.1.2)
  rack-test (= 0.6.1)
  rake (= 0.9.2)
  redis (= 3.0.1)
  rspec (= 2.6.0)
  simplecov (= 0.5.3)
  sinatra (= 1.2.6)
  sinatra-activerecord (= 0.1.3)
  twitter (= 1.7.2)
  twitter_oauth (= 0.4.4)
  unicorn (= 4.0.1)
  yajl-ruby (= 0.8.2)
